GEM
  remote: https://rubygems.org/
  specs:
    pdfkit (0.8.2)
    rack (1.6.4)
    rack-protection (1.5.3)
      rack
    rake (11.1.2)
    redcarpet (2.3.0)
    sinatra (1.4.7)
      rack (~> 1.5)
      rack-protection (~> 1.4)
      tilt (>= 1.3, < 3)
    tilt (2.0.2)
    wkhtmltopdf-binary (0.9.9.3)

PLATFORMS
  ruby

DEPENDENCIES
  pdfkit
  rake
  redcarpet (~> 2.0)
  sinatra
  wkhtmltopdf-binary

BUNDLED WITH
   1.10.6
